GEM
  remote: https://rubygems.org/
  specs:
    blankslate (2.1.2.4)
    bouncy-castle-java (1.5.0147)
    capistrano (2.14.2)
      highline
      net-scp (>= 1.0.0)
      net-sftp (>= 2.0.0)
      net-ssh (>= 2.0.14)
      net-ssh-gateway (>= 1.1.0)
    coffee-script (2.2.0)
      coffee-script-source
      execjs
    coffee-script-source (1.6.2)
    edn (1.0.0)
      parslet (~> 1.4.0)
    execjs (1.4.0)
      multi_json (~> 1.0)
    highline (1.6.18)
    jruby-openssl (0.8.7)
      bouncy-castle-java (>= 1.5.0147)
    multi_json (1.7.2)
    net-scp (1.1.0)
      net-ssh (>= 2.6.5)
    net-sftp (2.1.1)
      net-ssh (>= 2.6.5)
    net-ssh (2.6.7)
    net-ssh-gateway (1.2.0)
      net-ssh (>= 2.6.5)
    parslet (1.4.0)
      blankslate (~> 2.0)
    rack (1.5.2)
    rack-protection (1.5.0)
      rack
    sinatra (1.4.2)
      rack (~> 1.5, >= 1.5.2)
      rack-protection (~> 1.4)
      tilt (~> 1.3, >= 1.3.4)
    slim (1.3.8)
      temple (~> 0.6.3)
      tilt (~> 1.3.3)
    temple (0.6.4)
    therubyrhino (2.0.2)
      therubyrhino_jar (>= 1.7.3)
    therubyrhino_jar (1.7.4)
    tilt (1.3.7)
    torquebox-capistrano-support (2.3.0)
    torquebox-core (2.3.0-java)
    torquebox-messaging (2.3.0-java)
      edn (= 1.0.0)
      torquebox-core (= 2.3.0)
      torquebox-transactions (= 2.3.0)
    torquebox-transactions (2.3.0)
      torquebox-core (= 2.3.0)

PLATFORMS
  java
  ruby

DEPENDENCIES
  capistrano (~> 2.14.2)
  coffee-script (~> 2.2.0)
  jruby-openssl
  sinatra (~> 1.4.2)
  slim (~> 1.3.8)
  therubyrhino (~> 2.0.2)
  torquebox-capistrano-support (~> 2.3.0)
  torquebox-messaging (~> 2.3.0)
